GEM
  remote: https://rubygems.org/
  specs:
    multi_json (1.11.3)
    pg (0.18.4)
    puma (3.4.0)
    rack (1.6.4)
    rack-protection (1.5.3)
      rack
    rack-ssl (1.4.1)
      rack
    redis (3.3.0)
    rollbar (2.10.0)
      multi_json
    rollbar-blanket (0.1.2)
    sequel (4.33.0)
    sinatra (1.4.7)
      rack (~> 1.5)
      rack-protection (~> 1.4)
      tilt (>= 1.3, < 3)
    ssltool (0.0.21)
    tilt (2.0.2)
    yajl-ruby (1.2.1)

PLATFORMS
  ruby

DEPENDENCIES
  pg
  puma
  rack-ssl
  redis
  rollbar
  rollbar-blanket
  sequel
  sinatra
  ssltool
  yajl-ruby

BUNDLED WITH
   1.11.2
