GEM
  remote: http://rubygems.org/
  specs:
    daemons (1.1.9)
    eventmachine (1.0.0)
    pg (0.14.1)
    rack (1.5.2)
    rack-protection (1.3.2)
      rack
    rack-ssl (1.3.3)
      rack
    sequel (3.44.0)
    sinatra (1.3.4)
      rack (~> 1.4)
      rack-protection (~> 1.3)
      tilt (~> 1.3, >= 1.3.3)
    ssltool (0.0.9)
    thin (1.5.0)
      daemons (>= 1.0.9)
      eventmachine (>= 0.12.6)
      rack (>= 1.0.0)
    tilt (1.3.3)
    yajl-ruby (1.1.0)

PLATFORMS
  ruby

DEPENDENCIES
  pg
  rack-ssl
  sequel
  sinatra
  ssltool
  thin
  yajl-ruby
