GEM
  remote: https://rubygems.org/
  specs:
    daemons (1.2.3)
    eventmachine (1.0.9.1)
    pg (0.18.4)
    rack (1.6.4)
    rack-protection (1.5.3)
      rack
    rack-ssl (1.4.1)
      rack
    redis (3.2.2)
    sequel (4.31.0)
    sinatra (1.4.7)
      rack (~> 1.5)
      rack-protection (~> 1.4)
      tilt (>= 1.3, < 3)
    ssltool (0.0.12)
    thin (1.6.4)
      daemons (~> 1.0, >= 1.0.9)
      eventmachine (~> 1.0, >= 1.0.4)
      rack (~> 1.0)
    tilt (2.0.2)
    yajl-ruby (1.2.1)

PLATFORMS
  ruby

DEPENDENCIES
  pg
  rack-ssl
  redis
  sequel
  sinatra
  ssltool
  thin
  yajl-ruby

BUNDLED WITH
   1.11.2
