GEM
  remote: https://rubygems.org/
  remote: https://packagecloud.io/heroku/gemgate/
  specs:
    diff-lcs (1.4.4)
    mustermann (1.0.3)
    nio4r (2.5.2)
    pg (1.2.3)
    puma (4.3.5)
      nio4r (~> 2.0)
    rack (2.2.3)
    rack-protection (2.0.5)
      rack
    rack-ssl (1.4.1)
      rack
    rack-test (1.1.0)
      rack (>= 1.0, < 3)
    redis (4.2.5)
    rollbar (3.1.2)
    rollbar-blanket (1.0.0)
    rspec (3.10.0)
      rspec-core (~> 3.10.0)
      rspec-expectations (~> 3.10.0)
      rspec-mocks (~> 3.10.0)
    rspec-core (3.10.1)
      rspec-support (~> 3.10.0)
    rspec-expectations (3.10.1)
      diff-lcs (>= 1.2.0, < 2.0)
      rspec-support (~> 3.10.0)
    rspec-mocks (3.10.2)
      diff-lcs (>= 1.2.0, < 2.0)
      rspec-support (~> 3.10.0)
    rspec-support (3.10.2)
    rspec_junit_formatter (0.4.1)
      rspec-core (>= 2, < 4, != 2.12.0)
    sequel (5.18.0)
    sinatra (2.0.5)
      mustermann (~> 1.0)
      rack (~> 2.0)
      rack-protection (= 2.0.5)
      tilt (~> 2.0)
    sinatra-cross_origin (0.3.2)
    ssltool (0.0.22)
    tilt (2.0.9)
    yajl-ruby (1.4.1)

PLATFORMS
  ruby

DEPENDENCIES
  pg
  puma
  rack-ssl
  rack-test
  redis
  rollbar
  rollbar-blanket (~> 1.0.0)!
  rspec
  rspec_junit_formatter
  sequel
  sinatra
  sinatra-cross_origin (~> 0.3.1)
  ssltool
  yajl-ruby

RUBY VERSION
   ruby 2.6.6p146

BUNDLED WITH
   2.2.11
