GEM
  remote: https://rubygems.org/
  remote: https://heroku-internal-gems.s3.amazonaws.com/8d2d5c8749fb3b45ecfaa330ef5fbc7dea15a0d59383016d/
  specs:
    celluloid (0.17.3)
      celluloid-essentials
      celluloid-extras
      celluloid-fsm
      celluloid-pool
      celluloid-supervision
      timers (>= 4.1.1)
    celluloid-essentials (0.20.5)
      timers (>= 4.1.1)
    celluloid-extras (0.20.5)
      timers (>= 4.1.1)
    celluloid-fsm (0.20.5)
      timers (>= 4.1.1)
    celluloid-pool (0.20.5)
      timers (>= 4.1.1)
    celluloid-supervision (0.20.5)
      timers (>= 4.1.1)
    hitimes (1.2.3)
    multi_json (1.11.2)
    pg (0.18.4)
    puma (2.16.0)
    rack (1.6.4)
    rack-protection (1.5.3)
      rack
    rack-ssl (1.4.1)
      rack
    redis (3.2.2)
    rollbar (2.8.0)
      multi_json
    rollbar-blanket (0.1.2)
    sequel (4.31.0)
    sinatra (1.4.7)
      rack (~> 1.5)
      rack-protection (~> 1.4)
      tilt (>= 1.3, < 3)
    ssltool (0.0.16)
    sucker_punch (1.6.0)
      celluloid (~> 0.17.2)
    tilt (2.0.2)
    timers (4.1.1)
      hitimes
    yajl-ruby (1.2.1)

PLATFORMS
  ruby

DEPENDENCIES
  pg
  puma
  rack-ssl
  redis
  rollbar
  rollbar-blanket!
  sequel
  sinatra
  ssltool
  sucker_punch (< 2.0)
  yajl-ruby

BUNDLED WITH
   1.11.2
