GEM
  remote: https://rubygems.org/
  remote: https://packagecloud.io/heroku/gemgate/
  specs:
    diff-lcs (1.2.5)
    multi_json (1.12.1)
    pg (0.19.0)
    puma (3.6.2)
    rack (1.6.5)
    rack-protection (1.5.3)
      rack
    rack-ssl (1.4.1)
      rack
    rack-test (0.6.3)
      rack (>= 1.0)
    redis (3.3.2)
    rollbar (2.13.3)
      multi_json
    rollbar-blanket (0.1.8)
    rspec (3.5.0)
      rspec-core (~> 3.5.0)
      rspec-expectations (~> 3.5.0)
      rspec-mocks (~> 3.5.0)
    rspec-core (3.5.4)
      rspec-support (~> 3.5.0)
    rspec-expectations (3.5.0)
      diff-lcs (>= 1.2.0, < 2.0)
      rspec-support (~> 3.5.0)
    rspec-mocks (3.5.0)
      diff-lcs (>= 1.2.0, < 2.0)
      rspec-support (~> 3.5.0)
    rspec-support (3.5.0)
    sequel (4.41.0)
    sinatra (1.4.7)
      rack (~> 1.5)
      rack-protection (~> 1.4)
      tilt (>= 1.3, < 3)
    sinatra-cross_origin (0.3.2)
    ssltool (0.0.22)
    tilt (2.0.5)
    yajl-ruby (1.3.0)

PLATFORMS
  ruby

DEPENDENCIES
  pg
  puma
  rack-ssl
  rack-test
  redis
  rollbar
  rollbar-blanket (= 0.1.8)!
  rspec
  sequel
  sinatra
  sinatra-cross_origin (~> 0.3.1)
  ssltool
  yajl-ruby

RUBY VERSION
   ruby 2.3.3p222

BUNDLED WITH
   1.14.6
